GEM
  remote: http://rubygems.org/
  specs:
    ffi (1.0.11)
    guard (0.10.0)
      ffi (>= 0.5.0)
      thor (~> 0.14.6)
    guard-shell (0.2.0)
      guard (>= 0.2.0)
    mustache (0.99.4)
    rake (0.9.2.2)
    rdiscount (1.6.8)
    redcarpet (2.0.1)
    rocco (0.8.2)
      mustache
      redcarpet
    thor (0.14.6)

PLATFORMS
  ruby

DEPENDENCIES
  guard (~> 0.10.0)
  guard-shell
  rake
  rdiscount (~> 1.6.8)
  rocco (~> 0.8.2)
